GIT
  remote: https://github.com/Core4Tek/cruxrake.git
  revision: e5edf4d28fb4c6cfb8bf7123a6221c3d9dc2e8e4
  specs:
    cruxrake (0.1.0)
      activesupport (~> 4.1)
      albacore (= 2.0.0.rc.12)
      map (~> 6.5)

GEM
  remote: https://rubygems.org/
  specs:
    ProcessPilot (2.0.0.20120301)
      rUtilAnts (>= 1.0)
    activesupport (4.1.1)
      i18n (~> 0.6, >= 0.6.9)
      json (~> 1.7, >= 1.7.7)
      minitest (~> 5.1)
      thread_safe (~> 0.1)
      tzinfo (~> 1.1)
    albacore (2.0.0.rc.12)
      ProcessPilot (~> 2.0)
      facter (~> 1.7)
      highline (~> 1.6)
      map (~> 6.5)
      nokogiri (~> 1.5)
      rake (> 10)
      semver2 (~> 3.3)
    coderay (1.1.0)
    facter (1.7.5)
    highline (1.6.21)
    i18n (0.6.9)
    json (1.8.1)
    map (6.5.3)
    method_source (0.8.2)
    mini_portile (0.6.0)
    minitest (5.3.4)
    nokogiri (1.6.2.1)
      mini_portile (= 0.6.0)
    nokogiri (1.6.2.1-x86-mingw32)
      mini_portile (= 0.6.0)
    pry (0.9.12.6-x86-mingw32)
      coderay (~> 1.0)
      method_source (~> 0.8)
      slop (~> 3.4)
      win32console (~> 1.3)
    pry-nav (0.2.3)
      pry (~> 0.9.10)
    rUtilAnts (2.0.0.20130827)
    rake (10.3.2)
    semver2 (3.3.3)
    slop (3.5.0)
    thread_safe (0.3.4)
    tzinfo (1.2.0)
      thread_safe (~> 0.1)
    win32console (1.3.2-x86-mingw32)

PLATFORMS
  x86-mingw32

DEPENDENCIES
  cruxrake!
  pry
  pry-nav
